GEM
  remote: https://rubygems.org/
  specs:
    addressable (2.3.8)
    capistrano (3.2.1)
      i18n
      rake (>= 10.0.0)
      sshkit (~> 1.3)
    capistrano-git-submodule-strategy (0.1.22)
      capistrano (~> 3.1)
    colored (1.2)
    colorize (0.7.3)
    i18n (0.6.9)
    inquirer.rb (0.0.9)
      rainbow (~> 2.1)
    launchy (2.4.3)
      addressable (~> 2.3)
    net-scp (1.2.1)
      net-ssh (>= 2.6.5)
    net-ssh (2.9.1)
    rainbow (2.2.2)
      rake
    rake (10.3.2)
    sshkit (1.5.1)
      colorize
      net-scp (>= 1.1.2)
      net-ssh (>= 2.8.0)

PLATFORMS
  ruby

DEPENDENCIES
  capistrano (~> 3.2.1)
  capistrano-git-submodule-strategy (~> 0.1)
  colored (~> 1.2)
  inquirer.rb (~> 0.0.3)
  launchy (~> 2.4)
